PATH
  remote: .
  specs:
    odidown (0.0.1)
      govspeak (~> 3.6)

GEM
  remote: http://rubygems.org/
  specs:
    addressable (2.3.8)
    coveralls (0.7.0)
      multi_json (~> 1.3)
      rest-client
      simplecov (>= 0.7)
      term-ansicolor
      thor
    docile (1.1.3)
    govspeak (3.6.2)
      addressable (~> 2.3.8)
      htmlentities (~> 4)
      kramdown (~> 1.10.0)
      nokogiri (~> 1.5)
      sanitize (~> 2.1.0)
    htmlentities (4.3.4)
    kramdown (1.10.0)
    mime-types (2.1)
    mini_portile2 (2.1.0)
    multi_json (1.8.4)
    nokogiri (1.6.8)
      mini_portile2 (~> 2.1.0)
      pkg-config (~> 1.1.7)
    pkg-config (1.1.7)
    rake (0.9.6)
    rest-client (1.6.7)
      mime-types (>= 1.16)
    sanitize (2.1.0)
      nokogiri (>= 1.4.4)
    simplecov (0.8.2)
      docile (~> 1.1.0)
      multi_json
      simplecov-html (~> 0.8.0)
    simplecov-html (0.8.0)
    term-ansicolor (1.3.0)
      tins (~> 1.0)
    thor (0.18.1)
    tins (1.0.0)

PLATFORMS
  ruby

DEPENDENCIES
  coveralls
  odidown!
  rake (~> 0.9.0)
