PATH
  remote: .
  specs:
    odidown (0.0.1)
      govspeak (~> 1.2.3)

GEM
  remote: http://rubygems.org/
  specs:
    docile (1.1.3)
    govspeak (1.2.5)
      htmlentities (~> 4)
      kramdown (~> 0.13.3)
      sanitize (~> 2.0.3)
    htmlentities (4.3.1)
    kramdown (0.13.8)
    mini_portile (0.5.2)
    multi_json (1.8.4)
    nokogiri (1.6.1)
      mini_portile (~> 0.5.0)
    rake (0.9.6)
    sanitize (2.0.6)
      nokogiri (>= 1.4.4)
    simplecov (0.8.2)
      docile (~> 1.1.0)
      multi_json
      simplecov-html (~> 0.8.0)
    simplecov-html (0.8.0)
    simplecov-rcov (0.2.3)
      simplecov (>= 0.4.1)

PLATFORMS
  ruby

DEPENDENCIES
  odidown!
  rake (~> 0.9.0)
  simplecov
  simplecov-rcov
